PATH
  remote: .
  specs:
    kanoko (0.0.1)

GEM
  remote: https://rubygems.org/
  specs:
    minitest (5.6.1)
    rake (10.4.2)

PLATFORMS
  ruby

DEPENDENCIES
  bundler
  kanoko!
  minitest
  rake
